GIT
  remote: git://github.com/joshfabian/friendly_id.git
  revision: 816389e86601c50da01151177ac1a23e7c29eec4
  specs:
    friendly_id (5.0.2)
      activerecord (>= 4.0.0)

GEM
  remote: https://rubygems.org/
  specs:
    actionmailer (4.1.1)
      actionpack (= 4.1.1)
      actionview (= 4.1.1)
      mail (~> 2.5.4)
    actionpack (4.1.1)
      actionview (= 4.1.1)
      activesupport (= 4.1.1)
      rack (~> 1.5.2)
      rack-test (~> 0.6.2)
    actionview (4.1.1)
      activesupport (= 4.1.1)
      builder (~> 3.1)
      erubis (~> 2.7.0)
    active_model_serializers (0.8.1)
      activemodel (>= 3.0)
    activemodel (4.1.1)
      activesupport (= 4.1.1)
      builder (~> 3.1)
    activerecord (4.1.1)
      activemodel (= 4.1.1)
      activesupport (= 4.1.1)
      arel (~> 5.0.0)
    activesupport (4.1.1)
      i18n (~> 0.6, >= 0.6.9)
      json (~> 1.7, >= 1.7.7)
      minitest (~> 5.1)
      thread_safe (~> 0.1)
      tzinfo (~> 1.1)
    addressable (2.3.6)
    annotate (2.6.5)
      activerecord (>= 2.3.0)
      rake (>= 0.8.7)
    arel (5.0.1.20140414130214)
    autoprefixer-rails (1.2.0.20140609)
      execjs
    aws-sdk (1.43.2)
      json (~> 1.4)
      nokogiri (>= 1.4.4)
    axiom-types (0.1.1)
      descendants_tracker (~> 0.0.4)
      ice_nine (~> 0.11.0)
      thread_safe (~> 0.3, >= 0.3.1)
    barber (0.4.2)
      ember-source
      execjs
      handlebars-source
    barber-emblem (0.1.1)
      barber (>= 0.4.1)
      emblem-source
    bcrypt (3.1.7)
    better_errors (1.1.0)
      coderay (>= 1.0.0)
      erubis (>= 2.6.6)
    binding_of_caller (0.7.2)
      debug_inspector (>= 0.0.1)
    bootstrap-sass (3.1.1.1)
      sass (~> 3.2)
    builder (3.2.2)
    cancan (1.6.10)
    celluloid (0.15.2)
      timers (~> 1.1.0)
    climate_control (0.0.3)
      activesupport (>= 3.0)
    cocaine (0.5.4)
      climate_control (>= 0.0.3, < 1.0)
    codeclimate-test-reporter (0.3.0)
      simplecov (>= 0.7.1, < 1.0.0)
    coderay (1.1.0)
    coercible (1.0.0)
      descendants_tracker (~> 0.0.1)
    coffee-rails (4.0.1)
      coffee-script (>= 2.2.0)
      railties (>= 4.0.0, < 5.0)
    coffee-script (2.2.0)
      coffee-script-source
      execjs
    coffee-script-source (1.7.0)
    connection_pool (2.0.0)
    debug_inspector (0.0.2)
    delayed_paperclip (2.7.1)
      paperclip (>= 3.3)
    descendants_tracker (0.0.4)
      thread_safe (~> 0.3, >= 0.3.1)
    devise (3.2.4)
      bcrypt (~> 3.0)
      orm_adapter (~> 0.1)
      railties (>= 3.2.6, < 5)
      thread_safe (~> 0.1)
      warden (~> 1.2.3)
    devise-async (0.9.0)
      devise (~> 3.2)
    docile (1.1.5)
    dotenv (0.11.1)
      dotenv-deployment (~> 0.0.2)
    dotenv-deployment (0.0.2)
    dotenv-rails (0.11.1)
      dotenv (= 0.11.1)
    em-websocket (0.5.1)
      eventmachine (>= 0.12.9)
      http_parser.rb (~> 0.6.0)
    ember-data-source (1.0.0.beta.7)
      ember-source
    ember-rails (0.15.0)
      active_model_serializers
      barber (>= 0.4.1)
      ember-data-source (>= 1.0.0.beta.5)
      ember-source (>= 1.1.0)
      execjs (>= 1.2)
      handlebars-source (> 1.0.0)
      jquery-rails (>= 1.0.17)
      railties (>= 3.1)
    ember-source (1.5.1.1)
      handlebars-source (~> 1.0)
    emblem-rails (0.2.1)
      barber-emblem (~> 0.1.1)
      ember-rails (>= 0.14.0)
    emblem-source (0.3.15)
    equalizer (0.0.9)
    erubis (2.7.0)
    escape (0.0.4)
    eventmachine (1.0.3)
    execjs (2.2.0)
    exifr (1.1.3)
    fakeweb (1.3.0)
    faraday (0.9.0)
      multipart-post (>= 1.2, < 3)
    fast_blank (0.0.2)
    fast_stack (0.1.0)
      rake
      rake-compiler
    fastclick-rails (1.0.1)
    ffi (1.9.3)
    flamegraph (0.0.5)
      fast_stack
    font-awesome-rails (4.1.0.0)
      railties (>= 3.2, < 5.0)
    foreman (0.71.0)
      dotenv (~> 0.11.1)
      thor (~> 0.19.1)
    formatador (0.2.5)
    fspath (2.1.0)
    grape (0.7.0)
      activesupport
      builder
      hashie (>= 1.2.0)
      multi_json (>= 1.3.2)
      multi_xml (>= 0.5.2)
      rack (>= 1.3.0)
      rack-accept
      rack-mount
      virtus (>= 1.0.0)
    grape-entity (0.4.3)
      activesupport
      multi_json (>= 1.3.2)
    guard (2.6.1)
      formatador (>= 0.2.4)
      listen (~> 2.7)
      lumberjack (~> 1.0)
      pry (>= 0.9.12)
      thor (>= 0.18.1)
    guard-livereload (2.2.0)
      em-websocket (~> 0.5)
      guard (~> 2.0)
      multi_json (~> 1.8)
    haml (4.0.5)
      tilt
    haml-rails (0.5.3)
      actionpack (>= 4.0.1)
      activesupport (>= 4.0.1)
      haml (>= 3.1, < 5.0)
      railties (>= 4.0.1)
    handlebars-source (1.3.0)
    hashie (2.1.2)
    hike (1.2.3)
    hiredis (0.5.2)
    http_parser.rb (0.6.0)
    i18n (0.6.9)
    ice_nine (0.11.0)
    image_optim (0.13.3)
      exifr (~> 1.1.3)
      fspath (~> 2.1.0)
      image_size (~> 1.3.0)
      in_threads (~> 1.2.0)
      progress (~> 3.0.0)
    image_size (1.3.0)
    in_threads (1.2.1)
    jquery-rails (3.1.0)
      railties (>= 3.0, < 5.0)
      thor (>= 0.14, < 2.0)
    jquery-ui-rails (4.2.1)
      railties (>= 3.2.16)
    json (1.8.1)
    jwt (1.0.0)
    kaminari (0.16.1)
      actionpack (>= 3.0.0)
      activesupport (>= 3.0.0)
    kgio (2.9.2)
    launchy (2.4.2)
      addressable (~> 2.3)
    letter_opener (1.2.0)
      launchy (~> 2.2)
    libv8 (3.16.14.3)
    listen (2.7.8)
      celluloid (>= 0.15.2)
      rb-fsevent (>= 0.9.3)
      rb-inotify (>= 0.9)
    lumberjack (1.0.6)
    mail (2.5.4)
      mime-types (~> 1.16)
      treetop (~> 1.4.8)
    message_bus (0.9.4)
      eventmachine
      rack (>= 1.1.3)
      redis
    metaclass (0.0.4)
    method_source (0.8.2)
    mime-types (1.25.1)
    mini_portile (0.6.0)
    minitest (5.3.4)
    mixpanel (4.1.1)
      escape
      json
      rack
    mocha (1.1.0)
      metaclass (~> 0.0.1)
    mock_redis (0.13.2)
    multi_json (1.10.1)
    multi_xml (0.5.5)
    multipart-post (2.0.0)
    nested_form (0.3.2)
    nokogiri (1.6.2.1)
      mini_portile (= 0.6.0)
    non-stupid-digest-assets (1.0.4)
    oauth2 (0.9.4)
      faraday (>= 0.8, < 0.10)
      jwt (~> 1.0)
      multi_json (~> 1.3)
      multi_xml (~> 0.5)
      rack (~> 1.2)
    oj (2.9.6)
    omniauth (1.2.1)
      hashie (>= 1.2, < 3)
      rack (~> 1.0)
    omniauth-facebook (1.6.0)
      omniauth-oauth2 (~> 1.1)
    omniauth-oauth2 (1.1.2)
      faraday (>= 0.8, < 0.10)
      multi_json (~> 1.3)
      oauth2 (~> 0.9.3)
      omniauth (~> 1.2)
    orm_adapter (0.5.0)
    paperclip (4.1.1)
      activemodel (>= 3.0.0)
      activesupport (>= 3.0.0)
      cocaine (~> 0.5.3)
      mime-types
    paperclip-optimizer (1.0.3)
      image_optim (~> 0.9)
      paperclip (>= 3.4)
    pg (0.17.1)
    pg_search (0.7.4)
      activerecord (>= 3.1)
      activesupport (>= 3.1)
      arel
    polyglot (0.3.5)
    progress (3.0.0)
    protected_attributes (1.0.7)
      activemodel (>= 4.0.1, < 5.0)
    pry (0.10.0)
      coderay (~> 1.1.0)
      method_source (~> 0.8.1)
      slop (~> 3.4)
    qunit-rails (0.0.7)
      railties
    rack (1.5.2)
    rack-accept (0.4.5)
      rack (>= 0.4)
    rack-cors (0.2.9)
    rack-livereload (0.3.15)
      rack
    rack-mini-profiler (0.9.1)
      rack (>= 1.1.3)
    rack-mount (0.8.3)
      rack (>= 1.0.0)
    rack-pjax (0.7.0)
      nokogiri (~> 1.5)
      rack (~> 1.3)
    rack-protection (1.5.3)
      rack
    rack-test (0.6.2)
      rack (>= 1.0)
    rails (4.1.1)
      actionmailer (= 4.1.1)
      actionpack (= 4.1.1)
      actionview (= 4.1.1)
      activemodel (= 4.1.1)
      activerecord (= 4.1.1)
      activesupport (= 4.1.1)
      bundler (>= 1.3.0, < 2.0)
      railties (= 4.1.1)
      sprockets-rails (~> 2.0)
    rails_admin (0.6.2)
      builder (~> 3.1)
      coffee-rails (~> 4.0)
      font-awesome-rails (>= 3.0)
      haml (~> 4.0)
      jquery-rails (~> 3.0)
      jquery-ui-rails (~> 4.0)
      kaminari (~> 0.14)
      nested_form (~> 0.3)
      rack-pjax (~> 0.7)
      rails (~> 4.0)
      remotipart (~> 1.0)
      safe_yaml (~> 1.0)
      sass-rails (~> 4.0)
    railties (4.1.1)
      actionpack (= 4.1.1)
      activesupport (= 4.1.1)
      rake (>= 0.8.7)
      thor (>= 0.18.1, < 2.0)
    raindrops (0.13.0)
    rake (10.3.2)
    rake-compiler (0.9.2)
      rake
    rb-fsevent (0.9.4)
    rb-inotify (0.9.5)
      ffi (>= 0.5.0)
    rdiscount (2.1.7.1)
    react-rails (0.10.0.0)
      execjs
      rails (>= 3.1)
      react-source (= 0.10.0)
    react-source (0.10.0)
    redis (3.0.7)
    redis-actionpack (4.0.0)
      actionpack (~> 4)
      redis-rack (~> 1.5.0)
      redis-store (~> 1.1.0)
    redis-activesupport (4.0.0)
      activesupport (~> 4)
      redis-store (~> 1.1.0)
    redis-namespace (1.4.1)
      redis (~> 3.0.4)
    redis-rack (1.5.0)
      rack (~> 1.5)
      redis-store (~> 1.1.0)
    redis-rails (4.0.0)
      redis-actionpack (~> 4)
      redis-activesupport (~> 4)
      redis-store (~> 1.1.0)
    redis-store (1.1.4)
      redis (>= 2.2)
    ref (1.0.5)
    remotipart (1.2.1)
    rinku (1.7.3)
    safe_yaml (1.0.3)
    sanitize (2.1.0)
      nokogiri (>= 1.4.4)
    sass (3.2.19)
    sass-rails (4.0.3)
      railties (>= 4.0.0, < 5.0)
      sass (~> 3.2.0)
      sprockets (~> 2.8, <= 2.11.0)
      sprockets-rails (~> 2.0)
    shoulda (3.5.0)
      shoulda-context (~> 1.0, >= 1.0.1)
      shoulda-matchers (>= 1.4.1, < 3.0)
    shoulda-context (1.2.1)
    shoulda-matchers (2.6.1)
      activesupport (>= 3.0.0)
    sidekiq (3.1.4)
      celluloid (>= 0.15.2)
      connection_pool (>= 2.0.0)
      json
      redis (>= 3.0.6)
      redis-namespace (>= 1.3.1)
    simple_form (3.0.2)
      actionpack (~> 4.0)
      activemodel (~> 4.0)
    simplecov (0.8.2)
      docile (~> 1.1.0)
      multi_json
      simplecov-html (~> 0.8.0)
    simplecov-html (0.8.0)
    sinatra (1.4.5)
      rack (~> 1.4)
      rack-protection (~> 1.4)
      tilt (~> 1.3, >= 1.3.4)
    sitemap_generator (5.0.4)
      builder
    skylight (0.3.14)
      activesupport (>= 3.0.0)
    slop (3.5.0)
    sprockets (2.11.0)
      hike (~> 1.2)
      multi_json (~> 1.0)
      rack (~> 1.0)
      tilt (~> 1.1, != 1.3.0)
    sprockets-rails (2.1.3)
      actionpack (>= 3.0)
      activesupport (>= 3.0)
      sprockets (~> 2.8)
    therubyracer (0.12.1)
      libv8 (~> 3.16.14.0)
      ref
    thor (0.19.1)
    thread_safe (0.3.4)
    tilt (1.4.1)
    timecop (0.7.1)
    timers (1.1.0)
    treetop (1.4.15)
      polyglot
      polyglot (>= 0.3.1)
    twitter-typeahead-rails (0.10.2)
      actionpack (>= 3.1)
      jquery-rails
      railties (>= 3.1)
    tzinfo (1.2.1)
      thread_safe (~> 0.1)
    uglifier (2.5.1)
      execjs (>= 0.3.0)
      json (>= 1.8.0)
    unicorn (4.8.3)
      kgio (~> 2.6)
      rack
      raindrops (~> 0.7)
    virtus (1.0.2)
      axiom-types (~> 0.1)
      coercible (~> 1.0)
      descendants_tracker (~> 0.0.3)
      equalizer (~> 0.0.9)
    warden (1.2.3)
      rack (>= 1.0)
    zurb-foundation (4.3.2)
      sass (>= 3.2.0)

PLATFORMS
  ruby

DEPENDENCIES
  active_model_serializers (~> 0.8)
  annotate
  autoprefixer-rails (~> 1.2)
  aws-sdk (~> 1.43)
  better_errors
  binding_of_caller
  bootstrap-sass (~> 3.1)
  cancan (~> 1.6)
  codeclimate-test-reporter
  coffee-rails (~> 4.0)
  delayed_paperclip (~> 2.7)
  devise (~> 3.2)
  devise-async
  dotenv-rails
  ember-data-source (= 1.0.0.beta.7)
  ember-rails (~> 0.15)
  ember-source (= 1.5.1.1)
  emblem-rails (~> 0.2.1)
  emblem-source (~> 0.3)
  fakeweb
  fast_blank
  fastclick-rails (~> 1.0)
  flamegraph
  foreman
  friendly_id!
  grape
  grape-entity
  guard-livereload
  haml (~> 4.0)
  haml-rails
  hiredis
  image_optim (~> 0.13)
  kaminari (~> 0.16)
  letter_opener
  message_bus
  mixpanel
  mocha
  mock_redis
  nokogiri
  non-stupid-digest-assets
  oj
  omniauth
  omniauth-facebook (~> 1.6)
  paperclip (~> 4.1)
  paperclip-optimizer
  pg (= 0.17.1)
  pg_search (~> 0.7)
  protected_attributes
  qunit-rails
  rack-cors
  rack-livereload
  rack-mini-profiler
  rails (~> 4.0)
  rails_admin
  rb-fsevent
  rdiscount
  react-rails (~> 0.10.0.0)
  redis
  redis-rails
  rinku
  sanitize (~> 2.1)
  sass-rails (~> 4.0)
  shoulda
  sidekiq (~> 3.1)
  simple_form
  sinatra
  sitemap_generator
  skylight
  therubyracer
  timecop
  twitter-typeahead-rails
  uglifier (>= 1.0.3)
  unicorn (~> 4.8)
  zurb-foundation (~> 4.3.0)
